GIT
  remote: https://github.com/hokaccha/jekyll.git
  revision: 3d2664d983cf065ff6083d30c29ea2f794c47dd4
  branch: fix_pygments_opt
  specs:
    jekyll (0.11.2)
      classifier (~> 1.3)
      directory_watcher (~> 1.1)
      kramdown (~> 0.13.4)
      liquid (~> 2.3)
      maruku (~> 0.5)
      pygments.rb (~> 0.2.12)

GEM
  remote: http://rubygems.org/
  specs:
    blankslate (3.1.2)
    classifier (1.3.3)
      fast-stemmer (>= 1.0.0)
    directory_watcher (1.5.1)
    fast-stemmer (1.0.2)
    ffi (1.0.11)
    jekyll-tagging (0.4.0)
      ruby-nuggets
    kramdown (0.13.8)
    liquid (2.5.0)
    maruku (0.6.1)
      syntax (>= 1.0.0)
    pygments.rb (0.2.13)
      rubypython (~> 0.5.3)
    ruby-nuggets (0.9.1)
    rubypython (0.5.3)
      blankslate (>= 2.1.2.3)
      ffi (~> 1.0.7)
    sass (3.2.7)
    syntax (1.0.0)

PLATFORMS
  ruby

DEPENDENCIES
  jekyll!
  jekyll-tagging
  kramdown
  sass (~> 3.2.0.alpha.274)
